PATH
  remote: .
  specs:
    pacman (0.0.1)
      git (~> 1.2.6)
      rvm (~> 1.11.3)
      thor (~> 0.18.1)

GEM
  remote: https://rubygems.org/
  specs:
    aruba (0.5.4)
      childprocess (>= 0.3.6)
      cucumber (>= 1.1.1)
      rspec-expectations (>= 2.7.0)
    builder (3.2.2)
    childprocess (0.4.0)
      ffi (~> 1.0, >= 1.0.11)
    cucumber (1.3.10)
      builder (>= 2.1.2)
      diff-lcs (>= 1.1.3)
      gherkin (~> 2.12)
      multi_json (>= 1.7.5, < 2.0)
      multi_test (>= 0.0.2)
    diff-lcs (1.2.5)
    ffi (1.9.3)
    gherkin (2.12.2)
      multi_json (~> 1.3)
    git (1.2.6)
    multi_json (1.8.4)
    multi_test (0.0.3)
    rake (10.1.1)
    rspec (2.14.1)
      rspec-core (~> 2.14.0)
      rspec-expectations (~> 2.14.0)
      rspec-mocks (~> 2.14.0)
    rspec-core (2.14.7)
    rspec-expectations (2.14.4)
      diff-lcs (>= 1.1.3, < 2.0)
    rspec-mocks (2.14.4)
    rvm (1.11.3.8)
    thor (0.18.1)

PLATFORMS
  ruby

DEPENDENCIES
  aruba (~> 0.5.4)
  bundler (~> 1.5)
  cucumber (~> 1.3.10)
  pacman!
  rake
  rspec (~> 2.14)
